GEM
  remote: https://rubygems.org/
  specs:
    json (2.6.3)
    minitest (5.16.3)
    optparse (0.3.1)
    rake (13.0.6)

PLATFORMS
  arm64-darwin-22

DEPENDENCIES
  json
  minitest
  optparse
  rake

BUNDLED WITH
   2.4.22
