GEM
  remote: https://rubygems.org/
  specs:
    json (2.6.3)
    optparse (0.3.1)

PLATFORMS
  arm64-darwin-22

DEPENDENCIES
  json
  optparse

BUNDLED WITH
   2.4.22
